GEM
  remote: http://rubygems.org/
  specs:
    json_pure (1.5.1)
    rack (1.2.2)
    sinatra (1.2.3)
      rack (~> 1.1)
      tilt (>= 1.2.2, < 2.0)
    sqlite3 (1.3.3)
    tilt (1.2.2)

PLATFORMS
  ruby

DEPENDENCIES
  json_pure
  sinatra
  sqlite3
